GEM
  remote: http://rubygems.org/
  specs:
    bluecloth (2.2.0)
    coffee-script (2.2.0)
      coffee-script-source
      execjs
    coffee-script-source (1.1.2)
    cri (2.2.0)
    execjs (1.2.4)
      multi_json (~> 1.0)
    haml (3.1.4)
    mime-types (1.17.2)
    multi_json (1.0.3)
    nanoc (3.3.1)
      cri (~> 2.1)
    sass (3.1.15)
    uglifier (1.0.3)
      execjs (>= 0.3.0)
      multi_json (>= 1.0.2)

PLATFORMS
  ruby

DEPENDENCIES
  bluecloth
  coffee-script
  haml
  mime-types
  nanoc
  sass
  uglifier
