GEM
  remote: https://rubygems.org/
  specs:
    bluecloth (2.2.0)
    coffee-script (2.2.0)
      coffee-script-source
      execjs
    coffee-script-source (1.6.2)
    colored (1.2)
    cri (2.3.0)
      colored (>= 1.2)
    execjs (1.4.0)
      multi_json (~> 1.0)
    haml (4.0.2)
      tilt
    mime-types (1.23)
    multi_json (1.7.2)
    nanoc (3.6.3)
      cri (~> 2.3)
    sass (3.2.8)
    tilt (1.3.7)
    uglifier (2.0.1)
      execjs (>= 0.3.0)
      multi_json (~> 1.0, >= 1.0.2)

PLATFORMS
  ruby

DEPENDENCIES
  bluecloth
  coffee-script
  haml
  mime-types
  nanoc
  sass
  uglifier
