GEM
  remote: http://rubygems.org/
  specs:
    bluecloth (2.1.0)
    cri (1.0.1)
    haml (3.1.2)
    mime-types (1.16)
    nanoc3 (3.1.7)
      cri (>= 1.0.0)
    sass (3.1.2)

PLATFORMS
  ruby

DEPENDENCIES
  bluecloth
  haml
  mime-types
  nanoc3
  sass
