GEM
  remote: http://rubygems.org/
  specs:
    bluecloth (2.1.0)
    cri (2.0.2)
    haml (3.1.2)
    mime-types (1.16)
    nanoc3 (3.2.1)
      cri (~> 2.0)
    sass (3.1.5)

PLATFORMS
  ruby

DEPENDENCIES
  bluecloth
  haml
  mime-types
  nanoc3
  sass
