GEM
  remote: https://rubygems.org/
  specs:
    adsf (1.2.0)
      rack (>= 1.0.0)
    colored (1.2)
    configure-s3-website (1.7.1)
      deep_merge (= 1.0.0)
    cri (2.7.0)
      colored (~> 1.2)
    deep_merge (1.0.0)
    dotenv (1.0.2)
    haml (4.0.7)
      tilt
    json (1.8.3)
    mime-types (3.0)
      mime-types-data (~> 3.2015)
    mime-types-data (3.2015.1120)
    mini_portile2 (2.8.0)
    nanoc (4.1.2)
      cri (~> 2.3)
    nokogiri (1.13.9)
      mini_portile2 (~> 2.8.0)
      racc (~> 1.4)
    racc (1.6.0)
    rack (1.6.4)
    redcarpet (3.3.4)
    s3_website (2.12.2)
      colored (= 1.2)
      configure-s3-website (= 1.7.1)
      dotenv (~> 1.0)
      thor (~> 0.18)
    sass (3.4.21)
    thor (0.19.1)
    tilt (2.0.2)
    w3c_validators (1.2)
      json
      nokogiri

PLATFORMS
  ruby

DEPENDENCIES
  adsf (~> 1.2.0)
  haml (~> 4.0.7)
  mime-types
  nanoc (~> 4.1.2)
  nokogiri (~> 1.13.9)
  redcarpet (~> 3.3.4)
  s3_website (~> 2.12.2)
  sass (~> 3.4.21)
  w3c_validators (~> 1.2)

BUNDLED WITH
   1.11.2
