GEM
  remote: http://rubygems.org/
  specs:
    bluecloth (2.2.0)
    coffee-script (2.2.0)
      coffee-script-source
      execjs
    coffee-script-source (1.3.3)
    colored (1.2)
    cri (2.3.0)
      colored (>= 1.2)
    execjs (1.4.0)
      multi_json (~> 1.0)
    haml (3.1.7)
    mime-types (1.19)
    multi_json (1.3.6)
    nanoc (3.4.1)
      cri (~> 2.2)
    sass (3.2.1)
    uglifier (1.3.0)
      execjs (>= 0.3.0)
      multi_json (~> 1.0, >= 1.0.2)

PLATFORMS
  ruby

DEPENDENCIES
  bluecloth
  coffee-script
  haml
  mime-types
  nanoc
  sass
  uglifier
