GEM
  remote: https://rubygems.org/
  specs:
    aws-sdk (1.8.5)
      json (~> 1.4)
      nokogiri (>= 1.4.4)
      uuidtools (~> 2.1)
    bluecloth (2.2.0)
    coffee-script (2.2.0)
      coffee-script-source
      execjs
    coffee-script-source (1.6.3)
    colored (1.2)
    configure-s3-website (1.5.1)
      deep_merge (= 1.0.0)
    cri (2.4.1)
      colored (>= 1.2)
    deep_merge (1.0.0)
    erubis (2.7.0)
    execjs (2.0.2)
    filey-diff (1.4.3)
    haml (4.0.5)
      tilt
    json (1.8.1)
    mime-types (1.19)
    mini_portile (0.5.2)
    nanoc (3.6.7)
      cri (~> 2.3)
    nokogiri (1.6.1)
      mini_portile (~> 0.5.0)
    s3_website (1.6.5)
      aws-sdk (~> 1.8.5)
      configure-s3-website (= 1.5.1)
      erubis (~> 2.7.0)
      filey-diff (~> 1.4.3)
      mime-types (= 1.19)
      simple-cloudfront-invalidator (~> 1)
      thor (= 0.18.1)
    sass (3.2.13)
    simple-cloudfront-invalidator (1.0.1)
      colored (= 1.2)
    thor (0.18.1)
    tilt (2.0.0)
    uglifier (2.4.0)
      execjs (>= 0.3.0)
      json (>= 1.8.0)
    uuidtools (2.1.4)

PLATFORMS
  ruby

DEPENDENCIES
  bluecloth
  coffee-script
  haml
  mime-types
  nanoc
  s3_website
  sass
  uglifier
